PATH
  remote: .
  specs:
    wavefront-client (3.5.4)
      docopt (~> 0.5.0)
      inifile (= 3.0.0)
      rest-client (>= 1.6.7, < 1.8)

GEM
  remote: https://rubygems.org/
  specs:
    diff-lcs (1.2.5)
    docopt (0.5.0)
    inifile (3.0.0)
    mime-types (2.99.3)
    netrc (0.11.0)
    rake (11.2.2)
    rest-client (1.7.3)
      mime-types (>= 1.16, < 3.0)
      netrc (~> 0.7)
    rspec (3.5.0)
      rspec-core (~> 3.5.0)
      rspec-expectations (~> 3.5.0)
      rspec-mocks (~> 3.5.0)
    rspec-core (3.5.1)
      rspec-support (~> 3.5.0)
    rspec-expectations (3.5.0)
      diff-lcs (>= 1.2.0, < 2.0)
      rspec-support (~> 3.5.0)
    rspec-mocks (3.5.0)
      diff-lcs (>= 1.2.0, < 2.0)
      rspec-support (~> 3.5.0)
    rspec-support (3.5.0)
    yard (0.9.5)

PLATFORMS
  ruby

DEPENDENCIES
  bundler (~> 1.3)
  rake
  rspec (~> 3.5.0)
  wavefront-client!
  yard (~> 0.9.5)

BUNDLED WITH
   1.14.3
