PATH
  remote: .
  specs:
    wavefront-cli (2.0.0)
      docopt (= 0.5.0)
      wavefront-sdk (= 0.0.1)

GEM
  remote: https://rubygems.org/
  specs:
    addressable (2.5.1)
      public_suffix (~> 2.0, >= 2.0.2)
    ast (2.3.0)
    crack (0.4.3)
      safe_yaml (~> 1.0.0)
    docopt (0.5.0)
    faraday (0.12.1)
      multipart-post (>= 1.2, < 3)
    hashdiff (0.3.2)
    inifile (3.0.0)
    minitest (5.8.5)
    multipart-post (2.0.0)
    parser (2.4.0.0)
      ast (~> 2.2)
    powerpack (0.1.1)
    public_suffix (2.0.5)
    rainbow (2.2.1)
    rake (12.0.0)
    rubocop (0.47.1)
      parser (>= 2.3.3.1, < 3.0)
      powerpack (~> 0.1)
      rainbow (>= 1.99.1, < 3.0)
      ruby-progressbar (~> 1.7)
      unicode-display_width (~> 1.0, >= 1.0.1)
    ruby-progressbar (1.8.1)
    safe_yaml (1.0.4)
    spy (0.4.5)
    unicode-display_width (1.1.3)
    wavefront-sdk (0.0.1)
      faraday (>= 0.12.1, < 0.13)
      inifile (>= 3.0.0)
    webmock (2.3.2)
      addressable (>= 2.3.6)
      crack (>= 0.3.2)
      hashdiff
    yard (0.9.5)

PLATFORMS
  ruby

DEPENDENCIES
  bundler (~> 1.3)
  minitest (~> 5.8, >= 5.8.0)
  rake (~> 12.0)
  rubocop (~> 0.47.0)
  spy (~> 0.4.0)
  wavefront-cli!
  webmock (~> 2.3, >= 2.3.2)
  yard (~> 0.9.5)

BUNDLED WITH
   1.14.6
